GEM
  remote: https://rubygems.org/
  specs:
    activesupport (4.2.6)
      i18n (~> 0.7)
      json (~> 1.7, >= 1.7.7)
      minitest (~> 5.1)
      thread_safe (~> 0.3, >= 0.3.4)
      tzinfo (~> 1.1)
    addressable (2.3.8)
    i18n (0.7.0)
    json (1.8.3)
    mime-types (1.25.1)
    minitest (5.8.4)
    pg (0.18.4)
    rest-client (1.6.9)
      mime-types (~> 1.16)
    sqlite3 (1.3.11)
    thread_safe (0.3.5)
    tzinfo (1.2.2)
      thread_safe (~> 0.1)
    unirest (1.1.2)
      addressable (~> 2.3.5)
      json (~> 1.8.1)
      rest-client (~> 1.6.7)

PLATFORMS
  ruby

DEPENDENCIES
  activesupport
  pg
  sqlite3
  unirest

BUNDLED WITH
   1.11.2
